GEM
  remote: https://rubygems.org/
  specs:
    addressable (2.8.6)
      public_suffix (>= 2.0.2, < 6.0)
    coderay (1.1.3)
    git (1.19.1)
      addressable (~> 2.8)
      rchardet (~> 1.8)
    httparty (0.20.0)
      mime-types (~> 3.0)
      multi_xml (>= 0.5.2)
    method_source (1.0.0)
    mime-types (3.4.1)
      mime-types-data (~> 3.2015)
    mime-types-data (3.2022.0105)
    multi_xml (0.6.0)
    optparse (0.4.0)
    pry (0.14.1)
      coderay (~> 1.1)
      method_source (~> 1.0)
    public_suffix (5.0.4)
    rchardet (1.8.0)

PLATFORMS
  arm64-darwin-22
  x86_64-linux

DEPENDENCIES
  git
  httparty
  optparse
  pry

BUNDLED WITH
   2.4.21
